GEM
  remote: https://rubygems.org/
  specs:
    axlsx (3.0.0.pre)
      htmlentities (~> 4.3, >= 4.3.4)
      mimemagic (~> 0.3)
      nokogiri (~> 1.8, >= 1.8.2)
      rubyzip (~> 1.2, >= 1.2.1)
    diff-lcs (1.3)
    docile (1.3.1)
    dotenv (2.5.0)
    htmlentities (4.3.4)
    json (2.1.0)
    mimemagic (0.3.2)
    mini_portile2 (2.3.0)
    nokogiri (1.8.5)
      mini_portile2 (~> 2.3.0)
    rspec (3.3.0)
      rspec-core (~> 3.3.0)
      rspec-expectations (~> 3.3.0)
      rspec-mocks (~> 3.3.0)
    rspec-core (3.3.2)
      rspec-support (~> 3.3.0)
    rspec-expectations (3.3.1)
      diff-lcs (>= 1.2.0, < 2.0)
      rspec-support (~> 3.3.0)
    rspec-mocks (3.3.2)
      diff-lcs (>= 1.2.0, < 2.0)
      rspec-support (~> 3.3.0)
    rspec-support (3.3.0)
    rubyzip (1.2.2)
    sequel (5.14.0)
    simplecov (0.16.1)
      docile (~> 1.1)
      json (>= 1.8, < 3)
      simplecov-html (~> 0.10.0)
    simplecov-html (0.10.2)
    sqlite3 (1.3.13)

PLATFORMS
  ruby

DEPENDENCIES
  axlsx (= 3.0.0.pre)
  dotenv
  rspec (~> 3.3.0)
  sequel (~> 5.14.0)
  simplecov
  sqlite3 (~> 1.3.13)

BUNDLED WITH
   1.17.1
